PATH
  remote: .
  specs:
    winner_sports (0.1.1)

GEM
  remote: https://rubygems.org/
  specs:
    rake (10.5.0)

PLATFORMS
  ruby

DEPENDENCIES
  bundler (~> 1.16)
  rake (~> 10.0)
  winner_sports!

BUNDLED WITH
   1.16.2
